GEM
  remote: https://rubygems.org/
  specs:
    cassandra-driver (3.2.3)
      ione (~> 1.2)
    ione (1.2.4)

PLATFORMS
  ruby

DEPENDENCIES
  cassandra-driver

BUNDLED WITH
   1.17.1
