GEM
  remote: https://rubygems.org/
  specs:
    addressable (2.5.2)
      public_suffix (>= 2.0.2, < 4.0)
    builder (3.2.3)
    cookiejar (0.3.3)
    crack (0.4.3)
      safe_yaml (~> 1.0.0)
    em-http-request (1.1.5)
      addressable (>= 2.3.4)
      cookiejar (!= 0.3.1)
      em-socksify (>= 0.3)
      eventmachine (>= 1.0.3)
      http_parser.rb (>= 0.6.0)
    em-socksify (0.3.2)
      eventmachine (>= 1.0.0.beta.4)
    eventmachine (1.2.7)
    eventmachine_httpserver (0.2.1)
    gyoku (1.3.1)
      builder (>= 2.1.2)
    http_parser.rb (0.6.0)
    mini_portile2 (2.3.0)
    nokogiri (1.8.5)
      mini_portile2 (~> 2.3.0)
    public_suffix (3.0.3)
    redis (4.0.3)
    safe_yaml (1.0.4)

PLATFORMS
  ruby

DEPENDENCIES
  crack
  em-http-request
  eventmachine
  eventmachine_httpserver
  gyoku (~> 1.0)
  nokogiri (~> 1.6, >= 1.6.8)
  redis

BUNDLED WITH
   1.17.1
